NUGET
  remote: http://api.nuget.org/v3/index.json
  specs:
    FSharp.Core (4.0.0.1)
    FSharp.Data (2.2.5)
      Zlib.Portable (>= 1.10.0) - framework: .netportable0.0-net40+sl5+wp8+win8
    FSharp.Data.SqlClient (1.8.1-alpha)
    Zlib.Portable (1.11.0) - framework: .netportable0.0-net40+sl5+wp8+win8

GROUP Build
NUGET
  remote: http://api.nuget.org/v3/index.json
  specs:
    Fake (4.17.1)
    Microsoft.SqlServer.Dac (1.0.1)
